GEM
  remote: http://rubygems.org/
  specs:
    heroku-deflater (0.2.0)
    rack (1.4.1)
    rack-rewrite (1.2.1)

PLATFORMS
  ruby
  x86-mingw32

DEPENDENCIES
  heroku-deflater
  rack
  rack-rewrite
