GEM
  remote: http://rubygems.org/
  specs:
    rack (1.4.1)
    rack-rewrite (1.2.1)

PLATFORMS
  ruby
  x86-mingw32

DEPENDENCIES
  rack
  rack-rewrite
